GEM
  remote: https://rubygems.org/
  specs:
    sqlite3 (2.3.1-x64-mingw-ucrt)

PLATFORMS
  x64-mingw-ucrt

DEPENDENCIES
  sqlite3

BUNDLED WITH
   2.5.16
